GEM
  remote: https://rubygems.org/
  specs:
    CFPropertyList (2.2.4)
    awesome_print (1.2.0)
    blankslate (2.1.2.4)
    builder (3.2.2)
    calabash-android (0.4.16)
      awesome_print
      cucumber
      escape (~> 0.0.4)
      httpclient (~> 2.3.2)
      json
      retriable (~> 1.3.3.1)
      rubyzip (~> 0.9.9)
      slowhandcuke
      xamarin-test-cloud (>= 0.9.23)
    calabash-common (0.0.1)
      cucumber (~> 1.3.0)
    calabash-cucumber (0.9.163.pre4)
      CFPropertyList
      awesome_print
      bundler (~> 1.1)
      calabash-common (~> 0.0.1)
      cucumber (~> 1.3.0)
      edn
      geocoder (~> 1.1.8)
      httpclient (~> 2.3.3)
      json
      run_loop (~> 0.1.0.pre1)
      sim_launcher (= 0.4.6)
      slowhandcuke
      xamarin-test-cloud (~> 0.9.25)
    cucumber (1.3.10)
      builder (>= 2.1.2)
      diff-lcs (>= 1.1.3)
      gherkin (~> 2.12)
      multi_json (>= 1.7.5, < 2.0)
      multi_test (>= 0.0.2)
    diff-lcs (1.2.5)
    edn (1.0.2)
      parslet (~> 1.4.0)
    escape (0.0.4)
    geocoder (1.1.8)
    gherkin (2.12.2)
      multi_json (~> 1.3)
    httpclient (2.3.4.1)
    json (1.8.1)
    mime-types (2.0)
    multi_json (1.8.2)
    multi_test (0.0.2)
    parslet (1.4.0)
      blankslate (~> 2.0)
    rack (1.5.2)
    rack-protection (1.5.1)
      rack
    rest-client (1.6.7)
      mime-types (>= 1.16)
    retriable (1.3.3.1)
    rubyzip (0.9.9)
    run_loop (0.1.0.pre2)
      json
      thor
    sim_launcher (0.4.6)
      sinatra
    sinatra (1.4.4)
      rack (~> 1.4)
      rack-protection (~> 1.4)
      tilt (~> 1.3, >= 1.3.4)
    slowhandcuke (0.0.3)
      cucumber
    thor (0.18.1)
    tilt (1.4.1)
    xamarin-test-cloud (0.9.26)
      bundler (>= 1.3.0, < 2.0)
      json
      rest-client (~> 1.6.7)
      retriable (~> 1.3.3.1)
      rubyzip (~> 0.9.9)
      thor (>= 0.18.1)

PLATFORMS
  ruby

DEPENDENCIES
  calabash-android (= 0.4.16)
  calabash-cucumber (= 0.9.163.pre4)
